GEM
  remote: https://rubygems.org/
  specs:
    xmpp4r (0.5)
    zip (2.0.2)

PLATFORMS
  ruby

DEPENDENCIES
  xmpp4r
  zip
